PATH
  remote: /home/spox/Projects/bitbucket/chrisroberts/vagabond
  specs:
    vagabond (0.2.9)
      attribute_struct
      chef
      elecksee (>= 1.0.10)
      knife-bootstrapsync
      librarian-chef
      serverspec (>= 0.6.3)
      test-kitchen (>= 1.0.0.alpha)
      thor
      uuidtools

GEM
  remote: http://rubygems.org/
  specs:
    archive-tar-minitar (0.5.2)
    attribute_struct (0.1.6)
      hashie (>= 2.0.0)
    celluloid (0.15.2)
      timers (~> 1.1.0)
    chef (11.6.2)
      erubis (~> 2.7)
      highline (~> 1.6, >= 1.6.9)
      json (>= 1.4.4, <= 1.7.7)
      mixlib-authentication (~> 1.3)
      mixlib-cli (~> 1.3)
      mixlib-config (~> 1.1, >= 1.1.2)
      mixlib-log (~> 1.3)
      mixlib-shellout (~> 1.1)
      net-ssh (~> 2.6)
      net-ssh-multi (~> 1.1.0)
      ohai (>= 0.6.0, < 7.0.0)
      rest-client (>= 1.0.4, < 1.7.0)
      yajl-ruby (~> 1.1)
    coderay (1.0.9)
    diff-lcs (1.2.4)
    elecksee (1.0.10)
      mixlib-shellout
      net-ssh
    erubis (2.7.0)
    hashie (2.0.5)
    highline (1.6.19)
    ipaddress (0.8.0)
    json (1.7.7)
    knife-bootstrapsync (1.0.2)
      chef
      net-sftp
    librarian (0.1.1)
      highline
      thor (~> 0.15)
    librarian-chef (0.0.2)
      archive-tar-minitar (>= 0.5.2)
      chef (>= 0.10)
      librarian (~> 0.1.0)
    method_source (0.8.2)
    mime-types (1.25)
    mixlib-authentication (1.3.0)
      mixlib-log
    mixlib-cli (1.3.0)
    mixlib-config (1.1.2)
    mixlib-log (1.6.0)
    mixlib-shellout (1.2.0)
    net-scp (1.1.2)
      net-ssh (>= 2.6.5)
    net-sftp (2.1.2)
      net-ssh (>= 2.6.5)
    net-ssh (2.7.0)
    net-ssh-gateway (1.2.0)
      net-ssh (>= 2.6.5)
    net-ssh-multi (1.1)
      net-ssh (>= 2.1.4)
      net-ssh-gateway (>= 0.99.0)
    ohai (6.18.0)
      ipaddress
      mixlib-cli
      mixlib-config
      mixlib-log
      mixlib-shellout
      systemu
      yajl-ruby
    pry (0.9.12.2)
      coderay (~> 1.0.5)
      method_source (~> 0.8)
      slop (~> 3.4)
    rest-client (1.6.7)
      mime-types (>= 1.16)
    rspec (2.14.1)
      rspec-core (~> 2.14.0)
      rspec-expectations (~> 2.14.0)
      rspec-mocks (~> 2.14.0)
    rspec-core (2.14.5)
    rspec-expectations (2.14.3)
      diff-lcs (>= 1.1.3, < 2.0)
    rspec-mocks (2.14.3)
    safe_yaml (0.9.7)
    serverspec (0.7.10)
      highline
      net-ssh
      rspec (>= 2.13.0)
    slop (3.4.6)
    systemu (2.5.2)
    test-kitchen (1.0.0.beta.2)
      celluloid
      mixlib-shellout
      net-scp
      net-ssh
      pry
      safe_yaml (~> 0.9.3)
      thor
    thor (0.18.1)
    timers (1.1.0)
    uuidtools (2.1.4)
    yajl-ruby (1.1.0)

PLATFORMS
  ruby

DEPENDENCIES
  vagabond!
